PATH
  remote: .
  specs:
    metagascra (0.1.0)

GEM
  remote: https://rubygems.org/
  specs:
    minitest (5.11.3)
    rake (12.3.2)

PLATFORMS
  ruby

DEPENDENCIES
  metagascra!
  minitest (~> 5.0)
  rake (~> 12.0)

BUNDLED WITH
   2.1.2
